GEM
  remote: https://rubygems.org/
  specs:
    chipmunk (6.1.3.4)
    diff-lcs (1.3)
    gosu (0.12.1)
    rspec (3.6.0)
      rspec-core (~> 3.6.0)
      rspec-expectations (~> 3.6.0)
      rspec-mocks (~> 3.6.0)
    rspec-core (3.6.0)
      rspec-support (~> 3.6.0)
    rspec-expectations (3.6.0)
      diff-lcs (>= 1.2.0, < 2.0)
      rspec-support (~> 3.6.0)
    rspec-mocks (3.6.0)
      diff-lcs (>= 1.2.0, < 2.0)
      rspec-support (~> 3.6.0)
    rspec-support (3.6.0)

PLATFORMS
  ruby

DEPENDENCIES
  chipmunk (~> 6.1)
  gosu (~> 0.12.1)
  rspec (~> 3.6)

BUNDLED WITH
   1.15.3
